GEM
  remote: http://rubygems.org/
  specs:
    addressable (2.3.2)
    bitly (0.8.0)
      crack (>= 0.1.4)
      httparty (>= 0.7.6)
      oauth2 (>= 0.5.0, < 0.9)
    coderay (1.0.7)
    crack (0.3.1)
    faraday (0.8.4)
      multipart-post (~> 1.1)
    hashie (1.2.0)
    httparty (0.8.3)
      multi_json (~> 1.0)
      multi_xml
    httpauth (0.1)
    json (1.7.5)
    jumpstart_auth (0.2.0)
      launchy
      launchy
      oauth
      oauth
      twitter
      twitter
    jwt (0.1.5)
      multi_json (>= 1.0)
    klout (3.0.1)
      hashie
      httparty
      json
    launchy (2.1.2)
      addressable (~> 2.3)
    method_source (0.8)
    multi_json (1.3.6)
    multi_xml (0.5.1)
    multipart-post (1.1.5)
    oauth (0.4.7)
    oauth2 (0.8.0)
      faraday (~> 0.8)
      httpauth (~> 0.1)
      jwt (~> 0.1.4)
      multi_json (~> 1.0)
      rack (~> 1.2)
    pry (0.9.10)
      coderay (~> 1.0.5)
      method_source (~> 0.8)
      slop (~> 3.3.1)
    rack (1.4.1)
    simple_oauth (0.1.9)
    slop (3.3.3)
    twitter (3.7.0)
      faraday (~> 0.8)
      multi_json (~> 1.3)
      simple_oauth (~> 0.1.6)

PLATFORMS
  ruby

DEPENDENCIES
  bitly
  jumpstart_auth
  klout (~> 3.0.1)
  pry
